GEM
  remote: https://rubygems.org/
  specs:
    coderay (1.1.3)
    google-protobuf (3.19.4)
    googleapis-common-protos-types (1.3.0)
      google-protobuf (~> 3.14)
    grpc (1.43.1)
      google-protobuf (~> 3.18)
      googleapis-common-protos-types (~> 1.0)
    method_source (1.0.0)
    pry (0.14.1)
      coderay (~> 1.1)
      method_source (~> 1.0)
    sequel (5.54.0)
    sqlite3 (1.4.2)

PLATFORMS
  ruby

DEPENDENCIES
  grpc
  pry
  sequel
  sqlite3

BUNDLED WITH
   2.1.4
